GEM
  remote: https://rubygems.org/
  specs:
    cfndsl (0.4.3)

PLATFORMS
  ruby

DEPENDENCIES
  cfndsl

BUNDLED WITH
   1.11.2
